GEM
  remote: https://rubygems.org/
  specs:
    ansi (1.5.0)
    ast (2.4.3)
    atk (4.3.3)
      glib2 (= 4.3.3)
      rake
    builder (3.3.0)
    cairo (1.18.4)
      native-package-installer (>= 1.0.3)
      pkg-config (>= 1.2.2)
      red-colors
    cairo-gobject (4.3.3)
      cairo (>= 1.16.2)
      glib2 (= 4.3.3)
    docile (1.4.1)
    fiddle (1.1.8)
    gdk3 (4.3.3)
      cairo-gobject (= 4.3.3)
      gdk_pixbuf2 (= 4.3.3)
      pango (= 4.3.3)
      rake
    gdk_pixbuf2 (4.3.3)
      gio2 (= 4.3.3)
      rake
    gio2 (4.3.3)
      fiddle
      gobject-introspection (= 4.3.3)
    glib2 (4.3.3)
      native-package-installer (>= 1.0.3)
      pkg-config (>= 1.3.5)
    gobject-introspection (4.3.3)
      glib2 (= 4.3.3)
    gtk3 (4.3.3)
      atk (= 4.3.3)
      gdk3 (= 4.3.3)
    json (2.13.2)
    language_server-protocol (3.17.0.5)
    lint_roller (1.1.0)
    matrix (0.4.3)
    minitest (5.25.5)
    minitest-reporters (1.7.1)
      ansi
      builder
      minitest (>= 5.0)
      ruby-progressbar
    native-package-installer (1.1.9)
    pango (4.3.3)
      cairo-gobject (= 4.3.3)
      gobject-introspection (= 4.3.3)
    parallel (1.27.0)
    parser (3.3.9.0)
      ast (~> 2.4.1)
      racc
    pkg-config (1.6.2)
    prism (1.4.0)
    racc (1.8.1)
    rainbow (3.1.1)
    rake (13.3.0)
    red-colors (0.4.0)
      json
      matrix
    regexp_parser (2.11.2)
    rubocop (1.75.8)
      json (~> 2.3)
      language_server-protocol (~> 3.17.0.2)
      lint_roller (~> 1.1.0)
      parallel (~> 1.10)
      parser (>= 3.3.0.2)
      rainbow (>= 2.2.2, < 4.0)
      regexp_parser (>= 2.9.3, < 3.0)
      rubocop-ast (>= 1.44.0, < 2.0)
      ruby-progressbar (~> 1.7)
      unicode-display_width (>= 2.4.0, < 4.0)
    rubocop-ast (1.46.0)
      parser (>= 3.3.7.2)
      prism (~> 1.4)
    rubocop-performance (1.25.0)
      lint_roller (~> 1.1)
      rubocop (>= 1.75.0, < 2.0)
      rubocop-ast (>= 1.38.0, < 2.0)
    ruby-progressbar (1.13.0)
    simplecov (0.22.0)
      docile (~> 1.1)
      simplecov-html (~> 0.11)
      simplecov_json_formatter (~> 0.1)
    simplecov-html (0.13.2)
    simplecov_json_formatter (0.1.4)
    standard (1.50.0)
      language_server-protocol (~> 3.17.0.2)
      lint_roller (~> 1.0)
      rubocop (~> 1.75.5)
      standard-custom (~> 1.0.0)
      standard-performance (~> 1.8)
    standard-custom (1.0.2)
      lint_roller (~> 1.0)
      rubocop (~> 1.50)
    standard-performance (1.8.0)
      lint_roller (~> 1.1)
      rubocop-performance (~> 1.25.0)
    unicode-display_width (3.1.5)
      unicode-emoji (~> 4.0, >= 4.0.4)
    unicode-emoji (4.0.4)

PLATFORMS
  arm64-darwin-23
  ruby

DEPENDENCIES
  gio2 (~> 4.2)
  gobject-introspection (~> 4.2)
  gtk3 (~> 4.2)
  minitest (~> 5.20)
  minitest-reporters (~> 1.6)
  rake (~> 13.1)
  rubocop (~> 1.50)
  simplecov (~> 0.22)
  standard (>= 1.35.1)

RUBY VERSION
   ruby 3.3.5p100

BUNDLED WITH
   2.5.16
